GEM
  remote: https://www.rubygems.org/
  specs:
    diff-lcs (1.3)
    httpclient (2.8.3)
    rspec (3.6.0)
      rspec-core (~> 3.6.0)
      rspec-expectations (~> 3.6.0)
      rspec-mocks (~> 3.6.0)
    rspec-core (3.6.0)
      rspec-support (~> 3.6.0)
    rspec-expectations (3.6.0)
      diff-lcs (>= 1.2.0, < 2.0)
      rspec-support (~> 3.6.0)
    rspec-mocks (3.6.0)
      diff-lcs (>= 1.2.0, < 2.0)
      rspec-support (~> 3.6.0)
    rspec-support (3.6.0)
    webrick (1.3.1)

PLATFORMS
  ruby

DEPENDENCIES
  httpclient
  rspec
  webrick

BUNDLED WITH
   1.14.6
